GEM
  remote: https://rubygems.org/
  specs:
    actionmailer (3.2.13)
      actionpack (= 3.2.13)
      mail (~> 2.5.3)
    actionpack (3.2.13)
      activemodel (= 3.2.13)
      activesupport (= 3.2.13)
      builder (~> 3.0.0)
      erubis (~> 2.7.0)
      journey (~> 1.0.4)
      rack (~> 1.4.5)
      rack-cache (~> 1.2)
      rack-test (~> 0.6.1)
      sprockets (~> 2.2.1)
    activemodel (3.2.13)
      activesupport (= 3.2.13)
      builder (~> 3.0.0)
    activerecord (3.2.13)
      activemodel (= 3.2.13)
      activesupport (= 3.2.13)
      arel (~> 3.0.2)
      tzinfo (~> 0.3.29)
    activeresource (3.2.13)
      activemodel (= 3.2.13)
      activesupport (= 3.2.13)
    activesupport (3.2.13)
      i18n (= 0.6.1)
      multi_json (~> 1.0)
    acts-as-taggable-on (2.4.1)
      rails (>= 3, < 5)
    arel (3.0.2)
    authlogic (3.1.3)
      activerecord (>= 3.0.0)
      activesupport (>= 3.0.0)
    aws-sdk (1.9.5)
      json (~> 1.4)
      nokogiri (>= 1.4.4)
      uuidtools (~> 2.1)
    builder (3.0.4)
    cocaine (0.4.2)
    coffee-rails (3.2.2)
      coffee-script (>= 2.2.0)
      railties (~> 3.2.0)
    coffee-script (2.2.0)
      coffee-script-source
      execjs
    coffee-script-source (1.6.2)
    columnize (0.3.6)
    daemons (1.1.9)
    debugger (1.2.2)
      columnize (>= 0.3.1)
      debugger-linecache (~> 1.1.1)
      debugger-ruby_core_source (~> 1.1.5)
    debugger-linecache (1.1.2)
      debugger-ruby_core_source (>= 1.1.1)
    debugger-ruby_core_source (1.1.9)
    delayed_job (3.0.4)
      activesupport (~> 3.0)
    delayed_job_active_record (0.3.3)
      activerecord (>= 2.1.0, < 4)
      delayed_job (~> 3.0)
    erubis (2.7.0)
    eventmachine (1.0.0)
    excon (0.21.0)
    execjs (1.4.0)
      multi_json (~> 1.0)
    fog (1.11.1)
      builder
      excon (~> 0.20)
      formatador (~> 0.2.0)
      json (~> 1.7)
      mime-types
      net-scp (~> 1.1)
      net-ssh (>= 2.1.3)
      nokogiri (~> 1.5.0)
      ruby-hmac
    formatador (0.2.4)
    friendly_id (4.0.9)
    hike (1.2.2)
    hiredis (0.4.5)
    i18n (0.6.1)
    journey (1.0.4)
    jquery-rails (2.2.1)
      railties (>= 3.0, < 5.0)
      thor (>= 0.14, < 2.0)
    json (1.7.7)
    libv8 (3.11.8.17)
    mail (2.5.3)
      i18n (>= 0.4.0)
      mime-types (~> 1.16)
      treetop (~> 1.4.8)
    metaclass (0.0.1)
    mime-types (1.23)
    mocha (0.13.3)
      metaclass (~> 0.0.1)
    multi_json (1.7.2)
    mysql2 (0.3.11)
    net-scp (1.1.0)
      net-ssh (>= 2.6.5)
    net-ssh (2.6.6)
    nokogiri (1.5.5)
    oauth (0.4.7)
    paperclip (3.3.1)
      activemodel (>= 3.0.0)
      activerecord (>= 3.0.0)
      activesupport (>= 3.0.0)
      cocaine (~> 0.4.0)
      mime-types
    polyglot (0.3.3)
    rack (1.4.5)
    rack-cache (1.2)
      rack (>= 0.4)
    rack-ssl (1.3.3)
      rack
    rack-test (0.6.2)
      rack (>= 1.0)
    rails (3.2.13)
      actionmailer (= 3.2.13)
      actionpack (= 3.2.13)
      activerecord (= 3.2.13)
      activeresource (= 3.2.13)
      activesupport (= 3.2.13)
      bundler (~> 1.0)
      railties (= 3.2.13)
    railties (3.2.13)
      actionpack (= 3.2.13)
      activesupport (= 3.2.13)
      rack-ssl (~> 1.3.2)
      rake (>= 0.8.7)
      rdoc (~> 3.4)
      thor (>= 0.14.6, < 2.0)
    rake (10.0.4)
    rdoc (3.12.2)
      json (~> 1.4)
    redis (3.0.2)
    ref (1.0.4)
    ruby-hmac (0.4.0)
    sass (3.2.8)
    sass-rails (3.2.6)
      railties (~> 3.2.0)
      sass (>= 3.1.10)
      tilt (~> 1.3)
    simple_oauth (0.2.0)
    sprockets (2.2.2)
      hike (~> 1.2)
      multi_json (~> 1.0)
      rack (~> 1.0)
      tilt (~> 1.1, != 1.3.0)
    therubyracer (0.11.4)
      libv8 (~> 3.11.8.12)
      ref
    thin (1.5.1)
      daemons (>= 1.0.9)
      eventmachine (>= 0.12.6)
      rack (>= 1.0.0)
    thor (0.18.1)
    tilt (1.3.7)
    tracer_bullet (0.0.2)
    treetop (1.4.12)
      polyglot
      polyglot (>= 0.3.1)
    turbo-sprockets-rails3 (0.3.6)
      railties (> 3.2.8, < 4.0.0)
      sprockets (>= 2.0.0)
    tzinfo (0.3.37)
    uglifier (2.0.1)
      execjs (>= 0.3.0)
      multi_json (~> 1.0, >= 1.0.2)
    uuidtools (2.1.3)
    what_methods (1.0.1)
    wirble (0.1.3)

PLATFORMS
  ruby

DEPENDENCIES
  acts-as-taggable-on (= 2.4.1)
  authlogic (= 3.1.3)
  aws-sdk (= 1.9.5)
  coffee-rails (~> 3.2.1)
  daemons (= 1.1.9)
  debugger (= 1.2.2)
  delayed_job (= 3.0.4)
  delayed_job_active_record (= 0.3.3)
  fog
  friendly_id (= 4.0.9)
  hiredis (= 0.4.5)
  jquery-rails
  json (= 1.7.7)
  mocha
  mysql2 (= 0.3.11)
  oauth (= 0.4.7)
  paperclip (= 3.3.1)
  rails (= 3.2.13)
  redis (= 3.0.2)
  sass-rails (~> 3.2.3)
  simple_oauth (= 0.2.0)
  therubyracer
  thin
  tracer_bullet
  turbo-sprockets-rails3
  uglifier (>= 1.0.3)
  what_methods
  wirble
